PATH
  remote: .
  specs:
    taxonifi (0.4.0)
      require_all (~> 1.3.3)

GEM
  remote: https://rubygems.org/
  specs:
    awesome_print (1.6.1)
    builder (3.2.2)
    byebug (8.2.5)
    json (1.8.3)
    power_assert (0.3.0)
    rake (11.1.2)
    rdoc (4.2.2)
      json (~> 1.4)
    require_all (1.3.3)
    test-unit (3.1.8)
      power_assert

PLATFORMS
  ruby

DEPENDENCIES
  awesome_print (~> 1.6)
  builder (~> 3.2)
  bundler (~> 1.12)
  byebug (~> 8.2)
  rake (~> 11.1)
  rdoc (~> 4.2.2)
  taxonifi!
  test-unit (~> 3.1.8)

BUNDLED WITH
   1.12.3
