PATH
  remote: .
  specs:
    taxonifi (0.3.2)
      byebug (~> 4.0)
      rake (~> 10.4)
      require_all (~> 1.3)

GEM
  remote: https://rubygems.org/
  specs:
    awesome_print (1.6.1)
    builder (3.2.2)
    byebug (4.0.5)
      columnize (= 0.9.0)
    columnize (0.9.0)
    did_you_mean (0.9.8)
      interception
    interception (0.5)
    json (1.8.2)
    rake (10.4.2)
    rdoc (4.2.0)
      json (~> 1.4)
    require_all (1.3.2)

PLATFORMS
  ruby

DEPENDENCIES
  awesome_print (~> 1.6)
  builder (~> 3.2)
  bundler (~> 1.9)
  did_you_mean (~> 0.9)
  rdoc (~> 4.2)
  taxonifi!
