PATH
  remote: .
  specs:
    taxonifi (0.2.0)
      rake

GEM
  remote: https://rubygems.org/
  specs:
    builder (3.2.2)
    byebug (4.0.5)
      columnize (= 0.9.0)
    columnize (0.9.0)
    json (1.8.2)
    rake (10.4.2)
    rdoc (4.2.0)
      json (~> 1.4)

PLATFORMS
  ruby

DEPENDENCIES
  builder (~> 3.2)
  bundler (~> 1.9)
  byebug (~> 4.0)
  rdoc (~> 4.2)
  taxonifi!
