PATH
  remote: .
  specs:
    taxonifi (0.3.6)
      require_all (~> 1.3.3)

GEM
  remote: https://rubygems.org/
  specs:
    awesome_print (1.6.1)
    builder (3.2.2)
    byebug (8.2.2)
    did_you_mean (0.10.0)
      interception
    interception (0.5)
    json (1.8.3)
    rake (11.1.1)
    rdoc (4.2.2)
      json (~> 1.4)
    require_all (1.3.3)

PLATFORMS
  ruby

DEPENDENCIES
  awesome_print (~> 1.6)
  builder (~> 3.2)
  bundler (~> 1.11.2)
  byebug (~> 8.2)
  did_you_mean (~> 0.9)
  rake (~> 11.1)
  rdoc (~> 4.2.2)
  taxonifi!

BUNDLED WITH
   1.11.2
